GEM
  remote: http://rubygems.org/
  specs:
    addressable (2.2.5)
    backports (2.1.0)
    faraday (0.6.1)
      addressable (~> 2.2.4)
      multipart-post (~> 1.1.0)
      rack (>= 1.1.0, < 2)
    haml (3.0.25)
    json (1.5.1)
    monkey-lib (0.5.4)
      backports
    multi_json (0.0.5)
    multipart-post (1.1.0)
    nokogiri (1.4.4)
    oa-core (0.2.3)
      rack (~> 1.1)
    oa-oauth (0.2.3)
      faraday (~> 0.6.1)
      multi_json (>= 0.0.5)
      nokogiri (~> 1.4.2)
      oa-core (= 0.2.3)
      oauth (~> 0.4.0)
      oauth2 (~> 0.3.0)
    oauth (0.4.4)
    oauth2 (0.3.0)
      faraday (~> 0.6.0)
      multi_json (~> 0.0.4)
    rack (1.2.2)
    sinatra (1.2.3)
      rack (~> 1.1)
      tilt (>= 1.2.2, < 2.0)
    sinatra-advanced-routes (0.5.1)
      monkey-lib (~> 0.5.0)
      sinatra (~> 1.0)
      sinatra-sugar (~> 0.5.0)
    sinatra-reloader (0.5.0)
      sinatra (~> 1.0)
      sinatra-advanced-routes (~> 0.5.0)
    sinatra-sugar (0.5.0)
      monkey-lib (~> 0.5.0)
      sinatra (~> 1.0)
    tilt (1.2.2)
    yajl-ruby (0.8.2)

PLATFORMS
  ruby

DEPENDENCIES
  haml (>= 3)
  json
  oa-oauth (>= 0.2.3)
  sinatra (>= 1.0)
  sinatra-reloader (>= 0.5.0)
  yajl-ruby
